PATH
  remote: .
  specs:
    crx_packmgr_api_client (1.4.0)
      json (~> 2.0)
      typhoeus (~> 1.4)
      xml-simple (~> 1.1)

GEM
  remote: https://rubygems.org/
  specs:
    addressable (2.8.7)
      public_suffix (>= 2.0.2, < 7.0)
    ast (2.4.2)
    autotest (5.0.0)
      minitest-autotest (~> 1.0)
    autotest-fsevent (0.2.21)
      sys-uname
    autotest-growl (0.2.16)
    autotest-rails-pure (4.1.2)
    bigdecimal (3.1.8)
    codeclimate-test-reporter (1.0.9)
      simplecov (<= 0.13)
    crack (1.0.0)
      bigdecimal
      rexml
    diff-lcs (1.5.1)
    docile (1.1.5)
    drb (2.0.6)
      ruby2_keywords
    ethon (0.16.0)
      ffi (>= 1.15.0)
    ffi (1.17.0)
    gem-release (2.2.2)
    hashdiff (1.1.0)
    json (2.7.2)
    minitest (5.24.1)
    minitest-autotest (1.1.1)
      minitest-server (~> 1.0)
      path_expander (~> 1.0)
    minitest-server (1.0.8)
      drb (~> 2.0)
      minitest (~> 5.16)
    parallel (1.24.0)
    parser (3.3.4.0)
      ast (~> 2.4.1)
      racc
    path_expander (1.1.1)
    public_suffix (5.1.1)
    racc (1.8.0)
    rainbow (3.1.1)
    rake (12.0.0)
    regexp_parser (2.9.2)
    rexml (3.3.1)
      strscan
    rspec (3.13.0)
      rspec-core (~> 3.13.0)
      rspec-expectations (~> 3.13.0)
      rspec-mocks (~> 3.13.0)
    rspec-core (3.13.0)
      rspec-support (~> 3.13.0)
    rspec-expectations (3.13.1)
      diff-lcs (>= 1.2.0, < 2.0)
      rspec-support (~> 3.13.0)
    rspec-mocks (3.13.1)
      diff-lcs (>= 1.2.0, < 2.0)
      rspec-support (~> 3.13.0)
    rspec-support (3.13.1)
    rubocop (0.93.1)
      parallel (~> 1.10)
      parser (>= 2.7.1.5)
      rainbow (>= 2.2.2, < 4.0)
      regexp_parser (>= 1.8)
      rexml
      rubocop-ast (>= 0.6.0)
      ruby-progressbar (~> 1.7)
      unicode-display_width (>= 1.4.0, < 2.0)
    rubocop-ast (1.30.0)
      parser (>= 3.2.1.0)
    ruby-progressbar (1.13.0)
    ruby2_keywords (0.0.5)
    simplecov (0.13.0)
      docile (~> 1.1.0)
      json (>= 1.8, < 3)
      simplecov-html (~> 0.10.0)
    simplecov-html (0.10.2)
    strscan (3.1.0)
    sys-uname (1.3.0)
      ffi (~> 1.1)
    typhoeus (1.4.1)
      ethon (>= 0.9.0)
    unicode-display_width (1.8.0)
    vcr (5.1.0)
    webmock (3.23.1)
      addressable (>= 2.8.0)
      crack (>= 0.3.2)
      hashdiff (>= 0.4.0, < 2.0.0)
    xml-simple (1.1.9)
      rexml

PLATFORMS
  ruby

DEPENDENCIES
  autotest (~> 5.0)
  autotest-fsevent (~> 0.2)
  autotest-growl (~> 0.2)
  autotest-rails-pure (~> 4.1)
  codeclimate-test-reporter (~> 1.0)
  crx_packmgr_api_client!
  gem-release (~> 2.0)
  rake (~> 12.0.0)
  rspec (~> 3.8)
  rubocop (~> 0, >= 0.49.0)
  simplecov (~> 0)
  vcr (~> 5.0)
  webmock (~> 3.6)

BUNDLED WITH
   2.1.4
